PATH
  remote: .
  specs:
    activerecord-reactor (1.8.0)
      activerecord (~> 7.2)

GEM
  remote: http://rubygems.org/
  specs:
    activemodel (7.2.0)
      activesupport (= 7.2.0)
    activerecord (7.2.0)
      activemodel (= 7.2.0)
      activesupport (= 7.2.0)
      timeout (>= 0.4.0)
    activesupport (7.2.0)
      base64
      bigdecimal
      concurrent-ruby (~> 1.0, >= 1.3.1)
      connection_pool (>= 2.2.5)
      drb
      i18n (>= 1.6, < 2)
      logger (>= 1.4.2)
      minitest (>= 5.1)
      securerandom (>= 0.3)
      tzinfo (~> 2.0, >= 2.0.5)
    base64 (0.2.0)
    bigdecimal (3.1.8)
    concurrent-ruby (1.3.4)
    connection_pool (2.4.1)
    drb (2.2.1)
    i18n (1.13.0)
      concurrent-ruby (~> 1.0)
    logger (1.6.0)
    minitest (5.18.0)
    rake (13.0.6)
    securerandom (0.3.1)
    sqlite3 (1.6.2-x86_64-darwin)
    timeout (0.4.1)
    tzinfo (2.0.6)
      concurrent-ruby (~> 1.0)

DEPENDENCIES
  activerecord-reactor!
  rake
  sqlite3

BUNDLED WITH
   2.4.10
